PATH
  remote: .
  specs:
    pi_driver (0.0.4)
      awesome_print (~> 1.8.0, >= 1.8.0)
      byebug (~> 10.0.0, >= 10.0.0)
      minitest (~> 5.11.3, >= 5.11.3)
      mocha (~> 1.4, >= 1.4.0)
      rubocop (~> 0.51.0, >= 0.51.0)
      simplecov (~> 0.15.1, >= 0.15.1)

GEM
  remote: https://rubygems.org/
  specs:
    ast (2.4.0)
    awesome_print (1.8.0)
    byebug (10.0.2)
    docile (1.1.5)
    json (2.1.0)
    metaclass (0.0.4)
    minitest (5.11.3)
    mocha (1.5.0)
      metaclass (~> 0.0.1)
    parallel (1.12.1)
    parser (2.5.1.0)
      ast (~> 2.4.0)
    powerpack (0.1.1)
    rainbow (2.2.2)
      rake
    rake (12.3.1)
    rubocop (0.51.0)
      parallel (~> 1.10)
      parser (>= 2.3.3.1, < 3.0)
      powerpack (~> 0.1)
      rainbow (>= 2.2.2, < 3.0)
      ruby-progressbar (~> 1.7)
      unicode-display_width (~> 1.0, >= 1.0.1)
    ruby-progressbar (1.9.0)
    simplecov (0.15.1)
      docile (~> 1.1.0)
      json (>= 1.8, < 3)
      simplecov-html (~> 0.10.0)
    simplecov-html (0.10.2)
    unicode-display_width (1.3.2)

PLATFORMS
  ruby

DEPENDENCIES
  pi_driver!

BUNDLED WITH
   1.16.1
